GEM
  remote: https://rubygems.org/
  specs:
    concurrent-ruby (1.1.6)
    diff-lcs (1.4.4)
    ffi (1.13.1)
    json (2.3.1)
    mini_portile2 (2.5.0)
    mustermann (2.0.2)
      ruby2_keywords (~> 0.0.1)
    nokogiri (1.11.0)
      mini_portile2 (~> 2.5.0)
      racc (~> 1.4)
    racc (1.5.2)
    rack (2.2.3)
    rack-protection (2.2.3)
      rack
    rspec (3.9.0)
      rspec-core (~> 3.9.0)
      rspec-expectations (~> 3.9.0)
      rspec-mocks (~> 3.9.0)
    rspec-core (3.9.2)
      rspec-support (~> 3.9.3)
    rspec-expectations (3.9.2)
      diff-lcs (>= 1.2.0, < 2.0)
      rspec-support (~> 3.9.0)
    rspec-mocks (3.9.1)
      diff-lcs (>= 1.2.0, < 2.0)
      rspec-support (~> 3.9.0)
    rspec-support (3.9.3)
    ruby2_keywords (0.0.5)
    rubyzip (2.3.0)
    sassc (2.4.0)
      ffi (~> 1.9)
    sinatra (2.2.3)
      mustermann (~> 2.0)
      rack (~> 2.2)
      rack-protection (= 2.2.3)
      tilt (~> 2.0)
    tilt (2.0.11)
    tzinfo (2.0.2)
      concurrent-ruby (~> 1.0)

PLATFORMS
  ruby

DEPENDENCIES
  json (~> 2.3)
  nokogiri
  rack (~> 2.0)
  rspec
  rubyzip (~> 2.3)
  sassc (~> 2.4)
  sinatra (~> 2.2)
  tzinfo (~> 2.0)

BUNDLED WITH
   2.1.4
